GEM
  remote: https://rubygems.org/
  specs:
    autoprefixer-rails (5.1.11)
      execjs
      json
    bootstrap-sass (3.3.4.1)
      autoprefixer-rails (>= 5.0.0.1)
      sass (>= 3.2.19)
    daemons (1.2.2)
    diff-lcs (1.2.5)
    eventmachine (1.0.7)
    execjs (2.5.2)
    font-awesome-sass (4.2.2)
      sass (~> 3.2)
    httparty (0.13.4)
      json (~> 1.8)
      multi_xml (>= 0.5.2)
    imgur-api (0.0.4)
      httparty
    json (1.8.2)
    mini_portile (0.6.2)
    multi_xml (0.5.5)
    nokogiri (1.6.6.2)
      mini_portile (~> 0.6.0)
    rack (1.6.1)
    rake (10.4.2)
    rmagick (2.15.0)
    rspec (3.2.0)
      rspec-core (~> 3.2.0)
      rspec-expectations (~> 3.2.0)
      rspec-mocks (~> 3.2.0)
    rspec-core (3.2.3)
      rspec-support (~> 3.2.0)
    rspec-expectations (3.2.1)
      diff-lcs (>= 1.2.0, < 2.0)
      rspec-support (~> 3.2.0)
    rspec-mocks (3.2.1)
      diff-lcs (>= 1.2.0, < 2.0)
      rspec-support (~> 3.2.0)
    rspec-support (3.2.2)
    sass (3.4.13)
    term-ansicolor (1.3.0)
      tins (~> 1.0)
    thin (1.6.3)
      daemons (~> 1.0, >= 1.0.9)
      eventmachine (~> 1.0)
      rack (~> 1.0)
    tins (1.5.1)

PLATFORMS
  ruby

DEPENDENCIES
  bootstrap-sass (~> 3.3.4)
  font-awesome-sass (~> 4.2.0)
  imgur-api
  nokogiri
  rake
  rmagick
  rspec
  sass (~> 3.2)
  term-ansicolor
  thin
